GEM
  remote: https://rubygems.org/
  specs:
    actionmailer (3.2.11)
      actionpack (= 3.2.11)
      mail (~> 2.4.4)
    actionpack (3.2.11)
      activemodel (= 3.2.11)
      activesupport (= 3.2.11)
      builder (~> 3.0.0)
      erubis (~> 2.7.0)
      journey (~> 1.0.4)
      rack (~> 1.4.0)
      rack-cache (~> 1.2)
      rack-test (~> 0.6.1)
      sprockets (~> 2.2.1)
    activemodel (3.2.11)
      activesupport (= 3.2.11)
      builder (~> 3.0.0)
    activerecord (3.2.11)
      activemodel (= 3.2.11)
      activesupport (= 3.2.11)
      arel (~> 3.0.2)
      tzinfo (~> 0.3.29)
    activeresource (3.2.11)
      activemodel (= 3.2.11)
      activesupport (= 3.2.11)
    activesupport (3.2.11)
      i18n (~> 0.6)
      multi_json (~> 1.0)
    arel (3.0.2)
    bcrypt-ruby (3.0.1)
    bcrypt-ruby (3.0.1-x86-mingw32)
    bootstrap-sass (2.0.4.2)
<<<<<<< HEAD
    bootswatch-rails (0.4.0)
      railties (>= 3.1)
    builder (3.0.4)
    coderay (1.0.9)
=======
    bootswatch-rails (0.3.2)
      railties (>= 3.1)
    builder (3.0.4)
    coderay (1.0.8)
>>>>>>> ce72fde5d411ecc8a67663e80e3eaaafc33fdc1b
    coffee-rails (3.2.2)
      coffee-script (>= 2.2.0)
      railties (~> 3.2.0)
    coffee-script (2.2.0)
      coffee-script-source
      execjs
<<<<<<< HEAD
    coffee-script-source (1.6.2)
    devise (2.2.4)
=======
    coffee-script-source (1.4.0)
    daemons (1.1.9)
    devise (2.2.3)
>>>>>>> ce72fde5d411ecc8a67663e80e3eaaafc33fdc1b
      bcrypt-ruby (~> 3.0)
      orm_adapter (~> 0.1)
      railties (~> 3.1)
      warden (~> 1.2.1)
    erubis (2.7.0)
    eventmachine (1.0.0)
    eventmachine (1.0.0-x86-mingw32)
    execjs (1.4.0)
      multi_json (~> 1.0)
    font-awesome-sass-rails (2.0.0.0)
      railties (>= 3.1.1)
      sass-rails (>= 3.1.1)
<<<<<<< HEAD
    haml (3.1.8)
    hike (1.2.2)
    i18n (0.6.4)
=======
    haml (3.1.7)
    hike (1.2.1)
    i18n (0.6.1)
>>>>>>> ce72fde5d411ecc8a67663e80e3eaaafc33fdc1b
    journey (1.0.4)
    jquery-datatables-rails (1.11.2)
      jquery-rails
    jquery-rails (2.2.1)
      railties (>= 3.0, < 5.0)
      thor (>= 0.14, < 2.0)
    jquery-ui-rails (2.0.2)
      jquery-rails
      railties (>= 3.1.0)
<<<<<<< HEAD
    json (1.8.0)
=======
    json (1.7.6)
>>>>>>> ce72fde5d411ecc8a67663e80e3eaaafc33fdc1b
    kaminari (0.14.1)
      actionpack (>= 3.0.0)
      activesupport (>= 3.0.0)
    mail (2.4.4)
      i18n (>= 0.4.0)
      mime-types (~> 1.16)
      treetop (~> 1.4.8)
    method_source (0.8.1)
<<<<<<< HEAD
    mime-types (1.23)
    multi_json (1.7.3)
    nested_form (0.2.3)
    nokogiri (1.5.9)
    nokogiri (1.5.9-x86-mingw32)
    orm_adapter (0.4.0)
    pg (0.15.1)
    pg (0.15.1-x86-mingw32)
    polyglot (0.3.3)
    pry (0.9.12.2)
      coderay (~> 1.0.5)
      method_source (~> 0.8)
      slop (~> 3.4)
    pry (0.9.12.2-x86-mingw32)
=======
    mime-types (1.20.1)
    multi_json (1.5.0)
    nested_form (0.2.3)
    nokogiri (1.5.6)
    nokogiri (1.5.6-x86-mingw32)
    orm_adapter (0.4.0)
    pg (0.14.1)
    pg (0.14.1-x86-mingw32)
    polyglot (0.3.3)
    pry (0.9.11.4)
      coderay (~> 1.0.5)
      method_source (~> 0.8)
      slop (~> 3.4)
    pry (0.9.11.4-x86-mingw32)
>>>>>>> ce72fde5d411ecc8a67663e80e3eaaafc33fdc1b
      coderay (~> 1.0.5)
      method_source (~> 0.8)
      slop (~> 3.4)
      win32console (~> 1.3)
    rack (1.4.5)
    rack-cache (1.2)
      rack (>= 0.4)
    rack-pjax (0.7.0)
      nokogiri (~> 1.5)
      rack (~> 1.3)
    rack-ssl (1.3.3)
      rack
    rack-test (0.6.2)
      rack (>= 1.0)
    rails (3.2.11)
      actionmailer (= 3.2.11)
      actionpack (= 3.2.11)
      activerecord (= 3.2.11)
      activeresource (= 3.2.11)
      activesupport (= 3.2.11)
      bundler (~> 1.0)
<<<<<<< HEAD
      railties (= 3.2.6)
=======
      railties (= 3.2.11)
>>>>>>> ce72fde5d411ecc8a67663e80e3eaaafc33fdc1b
    rails_admin (0.1.2)
      bootstrap-sass (~> 2.0)
      builder (~> 3.0)
      coffee-rails (~> 3.1)
      font-awesome-sass-rails (~> 2.0)
      haml (~> 3.1)
      jquery-rails (~> 2.0)
      jquery-ui-rails (~> 2.0)
      kaminari (~> 0.12)
      nested_form (~> 0.2.3)
      rack-pjax (~> 0.5)
      rails (~> 3.1)
      remotipart (~> 1.0)
      sass-rails (~> 3.1)
    railties (3.2.11)
      actionpack (= 3.2.11)
      activesupport (= 3.2.11)
      rack-ssl (~> 1.3.2)
      rake (>= 0.8.7)
      rdoc (~> 3.4)
      thor (>= 0.14.6, < 2.0)
<<<<<<< HEAD
    rake (10.0.4)
    rdoc (3.12.2)
      json (~> 1.4)
    remotipart (1.0.5)
    sass (3.2.9)
=======
    rake (10.0.3)
    rdoc (3.12.1)
      json (~> 1.4)
    remotipart (1.0.3)
    sass (3.2.5)
>>>>>>> ce72fde5d411ecc8a67663e80e3eaaafc33fdc1b
    sass-rails (3.2.6)
      railties (~> 3.2.0)
      sass (>= 3.1.10)
      tilt (~> 1.3)
<<<<<<< HEAD
    slim (1.0.1)
      temple (~> 0.3.0)
      tilt (~> 1.2)
    slop (3.4.5)
    sprockets (2.1.3)
=======
    slop (3.4.3)
    sprockets (2.2.2)
>>>>>>> ce72fde5d411ecc8a67663e80e3eaaafc33fdc1b
      hike (~> 1.2)
      multi_json (~> 1.0)
      rack (~> 1.0)
      tilt (~> 1.1, != 1.3.0)
    sqlite3 (1.3.7)
    sqlite3 (1.3.7-x86-mingw32)
<<<<<<< HEAD
    temple (0.3.5)
    thor (0.18.1)
    tilt (1.4.1)
    treetop (1.4.12)
      polyglot
      polyglot (>= 0.3.1)
    tzinfo (0.3.37)
    uglifier (2.1.1)
=======
    thin (1.5.0)
      daemons (>= 1.0.9)
      eventmachine (>= 0.12.6)
      rack (>= 1.0.0)
    thor (0.17.0)
    tilt (1.3.3)
    treetop (1.4.12)
      polyglot
      polyglot (>= 0.3.1)
    tzinfo (0.3.35)
    uglifier (1.3.0)
>>>>>>> ce72fde5d411ecc8a67663e80e3eaaafc33fdc1b
      execjs (>= 0.3.0)
      multi_json (~> 1.0, >= 1.0.2)
    warden (1.2.1)
      rack (>= 1.0)
    will_paginate (3.0.4)
    win32console (1.3.2-x86-mingw32)

PLATFORMS
  ruby
  x86-mingw32

DEPENDENCIES
  bootstrap-sass (~> 2.0.4.0)
  bootswatch-rails
  coffee-rails (~> 3.2.1)
  devise
  jquery-datatables-rails
  jquery-rails
  jquery-ui-rails
  pg
  pry
  rails (= 3.2.11)
  rails_admin
  sass-rails (~> 3.2.3)
  slim
  sqlite3
  thin
  uglifier (>= 1.0.3)
  will_paginate
